PATH
  remote: .
  specs:
    cequel (0.5.4)
      activemodel (~> 4.0.0)
      activesupport (~> 4.0.0)
      cassandra-cql (~> 1.0)
      connection_pool (~> 0.9.2)
      i18n
      protected_attributes
      rails-observers

GEM
  remote: http://rubygems.org/
  specs:
    activemodel (4.0.0)
      activesupport (= 4.0.0)
      builder (~> 3.1.0)
    activesupport (4.0.0)
      i18n (~> 0.6, >= 0.6.4)
      minitest (~> 4.2)
      multi_json (~> 1.3)
      thread_safe (~> 0.1)
      tzinfo (~> 0.3.37)
    atomic (1.1.10)
    builder (3.1.4)
    cassandra-cql (1.2.0)
      simple_uuid (>= 0.2.0)
      thrift_client (>= 0.7.1, < 0.9)
    connection_pool (0.9.3)
    diff-lcs (1.2.4)
    geminabox (0.10.1)
      builder
      httpclient (>= 2.2.7)
      sinatra
    httpclient (2.3.3)
    i18n (0.6.4)
    minitest (4.7.5)
    multi_json (1.7.7)
    mustache (0.99.4)
    protected_attributes (1.0.3)
      activemodel (>= 4.0.0, < 5.0)
    rack (1.5.2)
    rack-protection (1.5.0)
      rack
    rails-observers (0.1.2)
    redcarpet (1.17.2)
    rocco (0.8.2)
      mustache
      redcarpet
    rspec (2.14.1)
      rspec-core (~> 2.14.0)
      rspec-expectations (~> 2.14.0)
      rspec-mocks (~> 2.14.0)
    rspec-core (2.14.2)
    rspec-expectations (2.14.0)
      diff-lcs (>= 1.1.3, < 2.0)
    rspec-mocks (2.14.1)
    simple_uuid (0.3.0)
    sinatra (1.4.3)
      rack (~> 1.4)
      rack-protection (~> 1.4)
      tilt (~> 1.3, >= 1.3.4)
    thread_safe (0.1.0)
      atomic
    thrift (0.8.0)
    thrift_client (0.8.4)
      thrift (~> 0.8.0)
    tilt (1.4.1)
    tzinfo (0.3.37)
    yard (0.8.6.2)

PLATFORMS
  ruby

DEPENDENCIES
  cequel!
  geminabox
  redcarpet (< 2.0)
  rocco
  rspec (~> 2.0)
  yard (~> 0.6)
